GEM
  remote: https://rubygems.org/
  specs:
    ruby2d (0.8.1)

PLATFORMS
  ruby

DEPENDENCIES
  ruby2d

BUNDLED WITH
   1.16.2
